GEM
  remote: https://rubygems.org/
  specs:
    addressable (2.8.6)
      public_suffix (>= 2.0.2, < 6.0)
    baran (0.1.10)
    colorize (0.8.1)
    declarative (0.0.20)
    dotenv (2.8.1)
    faraday (2.9.0)
      faraday-net_http (>= 2.0, < 3.2)
    faraday-net_http (3.1.0)
      net-http
    google-apis-aiplatform_v1 (0.10.0)
      google-apis-core (>= 0.11.0, < 2.a)
    google-apis-core (0.11.3)
      addressable (~> 2.5, >= 2.5.1)
      googleauth (>= 0.16.2, < 2.a)
      httpclient (>= 2.8.1, < 3.a)
      mini_mime (~> 1.0)
      representable (~> 3.0)
      retriable (>= 2.0, < 4.a)
      rexml
    google-cloud-env (2.1.0)
      faraday (>= 1.0, < 3.a)
    google_palm_api (0.1.3)
      faraday (>= 2.0.1, < 3.0)
    googleauth (1.9.1)
      faraday (>= 1.0, < 3.a)
      google-cloud-env (~> 2.1)
      jwt (>= 1.4, < 3.0)
      multi_json (~> 1.11)
      os (>= 0.9, < 2.0)
      signet (>= 0.16, < 2.a)
    httpclient (2.8.3)
    json-schema (4.0.0)
      addressable (>= 2.8)
    jwt (2.7.1)
    langchainrb (0.8.1)
      baran (~> 0.1.9)
      colorize (~> 0.8.1)
      json-schema (~> 4.0.0)
      matrix
      pragmatic_segmenter (~> 0.3.0)
      tiktoken_ruby (~> 0.0.5)
      to_bool (~> 2.0.0)
      zeitwerk (~> 2.5)
    matrix (0.4.2)
    mini_mime (1.1.5)
    multi_json (1.15.0)
    net-http (0.4.1)
      uri
    os (1.1.4)
    pragmatic_segmenter (0.3.23)
      unicode
    public_suffix (5.0.4)
    representable (3.2.0)
      declarative (< 0.1.0)
      trailblazer-option (>= 0.1.1, < 0.2.0)
      uber (< 0.2.0)
    retriable (3.1.2)
    rexml (3.2.6)
    signet (0.18.0)
      addressable (~> 2.8)
      faraday (>= 0.17.5, < 3.a)
      jwt (>= 1.5, < 3.0)
      multi_json (~> 1.10)
    tiktoken_ruby (0.0.6-x86_64-linux)
    to_bool (2.0.0)
    trailblazer-option (0.1.2)
    uber (0.1.0)
    unicode (0.4.4.4)
    uri (0.13.0)
    zeitwerk (2.6.12)

PLATFORMS
  x86_64-linux

DEPENDENCIES
  dotenv
  google-apis-aiplatform_v1
  google_palm_api
  langchainrb

BUNDLED WITH
   2.4.21
