GEM
  remote: https://rubygems.org/
  specs:
    activesupport (7.1.3.2)
      base64
      bigdecimal
      concurrent-ruby (~> 1.0, >= 1.0.2)
      connection_pool (>= 2.2.5)
      drb
      i18n (>= 1.6, < 2)
      minitest (>= 5.1)
      mutex_m
      tzinfo (~> 2.0)
    addressable (2.8.6)
      public_suffix (>= 2.0.2, < 6.0)
    ast (2.4.2)
    baran (0.1.10)
    base64 (0.2.0)
    bigdecimal (3.1.6)
    colorize (0.8.1)
    concurrent-ruby (1.2.3)
    connection_pool (2.4.1)
    declarative (0.0.20)
    dotenv (2.8.1)
    drb (2.2.0)
      ruby2_keywords
    ethon (0.16.0)
      ffi (>= 1.15.0)
    event_stream_parser (1.0.0)
    faraday (2.9.0)
      faraday-net_http (>= 2.0, < 3.2)
    faraday-net_http (3.1.0)
      net-http
    faraday-typhoeus (1.1.0)
      faraday (~> 2.0)
      typhoeus (~> 1.4)
    ffi (1.16.3)
    gemini-ai (3.2.0)
      event_stream_parser (~> 1.0)
      faraday (~> 2.9)
      faraday-typhoeus (~> 1.1)
      googleauth (~> 1.8)
      typhoeus (~> 1.4, >= 1.4.1)
    google-apis-aiplatform_v1 (0.10.0)
      google-apis-core (>= 0.11.0, < 2.a)
    google-apis-core (0.11.3)
      addressable (~> 2.5, >= 2.5.1)
      googleauth (>= 0.16.2, < 2.a)
      httpclient (>= 2.8.1, < 3.a)
      mini_mime (~> 1.0)
      representable (~> 3.0)
      retriable (>= 2.0, < 4.a)
      rexml
    google-cloud-env (2.1.0)
      faraday (>= 1.0, < 3.a)
    google_palm_api (0.1.3)
      faraday (>= 2.0.1, < 3.0)
    googleauth (1.9.1)
      faraday (>= 1.0, < 3.a)
      google-cloud-env (~> 2.1)
      jwt (>= 1.4, < 3.0)
      multi_json (~> 1.11)
      os (>= 0.9, < 2.0)
      signet (>= 0.16, < 2.a)
    httpclient (2.8.3)
    i18n (1.14.1)
      concurrent-ruby (~> 1.0)
    json (2.7.1)
    json-schema (4.0.0)
      addressable (>= 2.8)
    jwt (2.7.1)
    langchainrb (0.8.1)
      baran (~> 0.1.9)
      colorize (~> 0.8.1)
      json-schema (~> 4.0.0)
      matrix
      pragmatic_segmenter (~> 0.3.0)
      tiktoken_ruby (~> 0.0.5)
      to_bool (~> 2.0.0)
      zeitwerk (~> 2.5)
    language_server-protocol (3.17.0.3)
    matrix (0.4.2)
    mimemagic (0.4.3)
      nokogiri (~> 1)
      rake
    mini_mime (1.1.5)
    minitest (5.22.2)
    multi_json (1.15.0)
    mutex_m (0.2.0)
    net-http (0.4.1)
      uri
    nokogiri (1.16.0-arm64-darwin)
      racc (~> 1.4)
    nokogiri (1.16.0-x86_64-linux)
      racc (~> 1.4)
    os (1.1.4)
    parallel (1.24.0)
    parser (3.3.0.5)
      ast (~> 2.4.1)
      racc
    pragmatic_segmenter (0.3.23)
      unicode
    public_suffix (5.0.4)
    racc (1.7.3)
    rack (3.0.9.1)
    rainbow (3.1.1)
    rake (13.1.0)
    regexp_parser (2.9.0)
    representable (3.2.0)
      declarative (< 0.1.0)
      trailblazer-option (>= 0.1.1, < 0.2.0)
      uber (< 0.2.0)
    retriable (3.1.2)
    rexml (3.2.6)
    rubocop (1.60.2)
      json (~> 2.3)
      language_server-protocol (>= 3.17.0)
      parallel (~> 1.10)
      parser (>= 3.3.0.2)
      rainbow (>= 2.2.2, < 4.0)
      regexp_parser (>= 1.8, < 3.0)
      rexml (>= 3.2.5, < 4.0)
      rubocop-ast (>= 1.30.0, < 2.0)
      ruby-progressbar (~> 1.7)
      unicode-display_width (>= 2.4.0, < 3.0)
    rubocop-ast (1.30.0)
      parser (>= 3.2.1.0)
    rubocop-minitest (0.34.5)
      rubocop (>= 1.39, < 2.0)
      rubocop-ast (>= 1.30.0, < 2.0)
    rubocop-performance (1.20.2)
      rubocop (>= 1.48.1, < 2.0)
      rubocop-ast (>= 1.30.0, < 2.0)
    rubocop-rails (2.23.1)
      activesupport (>= 4.2.0)
      rack (>= 1.1)
      rubocop (>= 1.33.0, < 2.0)
      rubocop-ast (>= 1.30.0, < 2.0)
    rubocop-rails-omakase (1.0.0)
      rubocop
      rubocop-minitest
      rubocop-performance
      rubocop-rails
    ruby-progressbar (1.13.0)
    ruby2_keywords (0.0.5)
    signet (0.18.0)
      addressable (~> 2.8)
      faraday (>= 0.17.5, < 3.a)
      jwt (>= 1.5, < 3.0)
      multi_json (~> 1.10)
    tiktoken_ruby (0.0.6-arm64-darwin)
    tiktoken_ruby (0.0.6-x86_64-linux)
    to_bool (2.0.0)
    trailblazer-option (0.1.2)
    typhoeus (1.4.1)
      ethon (>= 0.9.0)
    tzinfo (2.0.6)
      concurrent-ruby (~> 1.0)
    uber (0.1.0)
    unicode (0.4.4.4)
    unicode-display_width (2.5.0)
    uri (0.13.0)
    zeitwerk (2.6.12)

PLATFORMS
  arm64-darwin-22
  x86_64-linux

DEPENDENCIES
  colorize
  dotenv
  gemini-ai (~> 3.2.0)
  google-apis-aiplatform_v1
  google_palm_api
  langchainrb
  mimemagic
  rubocop-rails-omakase

BUNDLED WITH
   2.4.21
