PATH
  remote: ../../langchainrb-pr513
  specs:
    langchainrb (0.12.0)
      activesupport (>= 7.0.8)
      baran (~> 0.1.9)
      colorize (~> 1.1.0)
      json-schema (~> 4)
      matrix
      pragmatic_segmenter (~> 0.3.0)
      tiktoken_ruby (~> 0.0.8)
      to_bool (~> 2.0.0)
      zeitwerk (~> 2.5)

GEM
  remote: https://rubygems.org/
  specs:
    activesupport (7.1.3.2)
      base64
      bigdecimal
      concurrent-ruby (~> 1.0, >= 1.0.2)
      connection_pool (>= 2.2.5)
      drb
      i18n (>= 1.6, < 2)
      minitest (>= 5.1)
      mutex_m
      tzinfo (~> 2.0)
    addressable (2.8.6)
      public_suffix (>= 2.0.2, < 6.0)
    baran (0.1.11)
    base64 (0.2.0)
    bigdecimal (3.1.7)
    colorize (1.1.0)
    concurrent-ruby (1.2.3)
    connection_pool (2.4.1)
    drb (2.2.1)
    i18n (1.14.4)
      concurrent-ruby (~> 1.0)
    json-schema (4.3.0)
      addressable (>= 2.8)
    matrix (0.4.2)
    minitest (5.22.3)
    mutex_m (0.2.0)
    pragmatic_segmenter (0.3.23)
      unicode
    public_suffix (5.0.5)
    tiktoken_ruby (0.0.8-x86_64-linux)
    to_bool (2.0.0)
    tzinfo (2.0.6)
      concurrent-ruby (~> 1.0)
    unicode (0.4.4.4)
    zeitwerk (2.6.13)

PLATFORMS
  x86_64-linux

DEPENDENCIES
  langchainrb!

BUNDLED WITH
   2.4.21
