GEM
  remote: https://rubygems.org/
  specs:
    matrix (0.4.2)

PLATFORMS
  arm64-darwin-22
  x86_64-linux

DEPENDENCIES
  matrix

BUNDLED WITH
   2.4.17
